GIT
  remote: https://github.com/causes/scss-lint.git
  revision: a4108e745317b54f3931e98ee01df77daf09eacb
  tag: v0.27.0
  specs:
    scss-lint (0.27.0)
      rainbow (~> 2.0)
      sass (~> 3.3.0, >= 3.3.7)

GEM
  remote: https://rubygems.org/
  specs:
    chunky_png (1.3.3)
    compass (1.0.1)
      chunky_png (~> 1.2)
      compass-core (~> 1.0.1)
      compass-import-once (~> 1.0.5)
      rb-fsevent (>= 0.9.3)
      rb-inotify (>= 0.9)
      sass (>= 3.3.13, < 3.5)
    compass-core (1.0.1)
      multi_json (~> 1.0)
      sass (>= 3.3.0, < 3.5)
    compass-import-once (1.0.5)
      sass (>= 3.2, < 3.5)
    ffi (1.9.6)
    ffi (1.9.6-x86-mingw32)
    multi_json (1.10.1)
    rainbow (2.0.0)
    rb-fsevent (0.9.4)
    rb-inotify (0.9.5)
      ffi (>= 0.5.0)
    sass (3.3.14)

PLATFORMS
  ruby
  x86-mingw32

DEPENDENCIES
  compass (~> 1.0.0.alpha.17)
  sass
  scss-lint!
